GEM
  remote: http://rubygems.org/
  specs:
    coderay (1.0.8)
    diff-lcs (1.1.3)
    guard (1.5.4)
      listen (>= 0.4.2)
      lumberjack (>= 1.0.2)
      pry (>= 0.9.10)
      thor (>= 0.14.6)
    guard-rspec (2.1.2)
      guard (>= 1.1)
      rspec (~> 2.11)
    listen (0.5.3)
    lumberjack (1.0.2)
    method_source (0.8.1)
    pry (0.9.10)
      coderay (~> 1.0.5)
      method_source (~> 0.8)
      slop (~> 3.3.1)
    rake (0.9.2.2)
    rb-fsevent (0.9.2)
    rspec (2.12.0)
      rspec-core (~> 2.12.0)
      rspec-expectations (~> 2.12.0)
      rspec-mocks (~> 2.12.0)
    rspec-core (2.12.0)
    rspec-expectations (2.12.0)
      diff-lcs (~> 1.1.3)
    rspec-mocks (2.12.0)
    slop (3.3.3)
    thor (0.16.0)

PLATFORMS
  ruby

DEPENDENCIES
  guard-rspec
  rake
  rb-fsevent
  rspec (~> 2.12)
